GEM
  remote: https://rubygems.org/
  specs:
    json (1.8.2)
    sass (3.4.13)
    travis-lint (2.0.0)
      json

PLATFORMS
  ruby

DEPENDENCIES
  sass (= 3.4.13)
  travis-lint (= 2.0.0)
