GEM
  remote: https://rubygems.org/
  specs:
    json (1.8.2)
    sass (3.4.11)
    sass-import_once (0.1.3)
      sass (>= 3.1)
    travis-lint (2.0.0)
      json

PLATFORMS
  ruby

DEPENDENCIES
  sass (= 3.4.11)
  sass-import_once (= 0.1.3)
  travis-lint (= 2.0.0)
