GEM
  remote: https://rubygems.org/
  specs:
    json (1.8.3)
    sass (3.4.16)
    travis-lint (2.0.0)
      json

PLATFORMS
  ruby

DEPENDENCIES
  sass (= 3.4.16)
  travis-lint (= 2.0.0)
