GEM
  remote: https://rubygems.org/
  specs:
    json (2.1.0)
    sass (3.4.23)
    travis-lint (2.0.0)
      json

PLATFORMS
  ruby

DEPENDENCIES
  sass (= 3.4.23)
  travis-lint (= 2.0.0)

BUNDLED WITH
   1.14.5
